PATH
  remote: .
  specs:
    ogutu_view_tool (0.1.0)

GEM
  remote: https://rubygems.org/
  specs:
    rake (13.0.1)

PLATFORMS
  ruby

DEPENDENCIES
  bundler (~> 1.16)
  ogutu_view_tool!
  rake (~> 13.0)

BUNDLED WITH
   1.16.0
